GEM
  remote: http://rubygems.org/
  specs:
    addressable (2.2.2)
    amqp (0.6.7)
      eventmachine (>= 0.12.4)
    bson (1.1.5)
    bson_ext (1.1.5)
    em-http-request (0.2.15)
      addressable (>= 2.0.0)
      eventmachine (>= 0.12.9)
    em-mongo (0.3.4)
      bson (>= 1.1.3)
      bson_ext (>= 1.1.3)
      eventmachine (>= 0.12.10)
    em-redis (0.3.0)
      eventmachine
    eventmachine (0.12.10)
    roauth (0.0.3)
    twitter-stream (0.1.10)
      eventmachine (>= 0.12.8)
      roauth (>= 0.0.2)

PLATFORMS
  ruby

DEPENDENCIES
  amqp
  em-http-request
  em-mongo
  em-redis
  eventmachine (~> 0.12.10)
  twitter-stream
